GEM
  remote: https://rubygems.org/
  specs:
    backports (3.21.0)
    bcrypt (3.1.16)
    erubis (2.7.0)
    minitest (5.14.4)
    multi_json (1.15.0)
    rack (1.6.13)
    rack-protection (1.5.5)
      rack
    rack-test (1.1.0)
      rack (>= 1.0, < 3)
    redcarpet (3.5.1)
    sinatra (1.4.8)
      rack (~> 1.5)
      rack-protection (~> 1.4)
      tilt (>= 1.3, < 3)
    sinatra-contrib (1.4.7)
      backports (>= 2.0)
      multi_json
      rack-protection
      rack-test
      sinatra (~> 1.4.0)
      tilt (>= 1.3, < 3)
    tilt (2.0.10)

PLATFORMS
  arm64-darwin-20

DEPENDENCIES
  bcrypt
  erubis
  minitest
  rack
  rack-test
  redcarpet
  sinatra (~> 1.4.7)
  sinatra-contrib

RUBY VERSION
   ruby 3.0.0p0

BUNDLED WITH
   2.2.25
